PATH
  remote: .
  specs:
    omniauth-figshare (0.0.1)
      multi_json (~> 1.6.1)
      omniauth-oauth (~> 1.0.1)

GEM
  remote: http://rubygems.org/
  specs:
    gemma (3.0.0)
      highline (~> 1.6.15)
      minitest (~> 4.3.3)
      rake (~> 10.0.3)
      rdoc (~> 3.12.0)
      yard (~> 0.8.3)
    hashie (1.2.0)
    highline (1.6.15)
    json (1.7.7)
    minitest (4.3.3)
    multi_json (1.6.1)
    oauth (0.4.7)
    omniauth (1.1.3)
      hashie (~> 1.2)
      rack
    omniauth-oauth (1.0.1)
      oauth
      omniauth (~> 1.0)
    rack (1.5.2)
    rake (10.0.3)
    rdoc (3.12.2)
      json (~> 1.4)
    yard (0.8.5.2)

PLATFORMS
  ruby

DEPENDENCIES
  gemma (~> 3.0.0)
  omniauth-figshare!
